GEM
  remote: https://rubygems.org/
  specs:
    minitest (5.25.4)
    mocha (2.7.1)
      ruby2_keywords (>= 0.0.5)
    rake (13.2.1)
    ruby2_keywords (0.0.5)

PLATFORMS
  ruby
  x86_64-darwin-23

DEPENDENCIES
  minitest
  mocha
  rake

BUNDLED WITH
   2.5.19
